PATH
  remote: .
  specs:
    monexa (0.2)
      libxml-ruby

GEM
  specs:
    diff-lcs (1.1.2)
    libxml-ruby (1.1.4)
    rspec (2.4.0)
      rspec-core (~> 2.4.0)
      rspec-expectations (~> 2.4.0)
      rspec-mocks (~> 2.4.0)
    rspec-core (2.4.0)
    rspec-expectations (2.4.0)
      diff-lcs (~> 1.1.2)
    rspec-mocks (2.4.0)

PLATFORMS
  ruby

DEPENDENCIES
  libxml-ruby
  monexa!
  rspec
